GEM
  remote: https://rubygems.org/
  specs:
    CFPropertyList (2.2.8)
    facter (2.4.4)
      CFPropertyList (~> 2.2.6)
    hiera (3.0.1)
      json_pure
    json_pure (1.8.2)
    puppet (4.2.1)
      facter (> 2.0, < 4)
      hiera (>= 2.0, < 4)
      json_pure
    puppet-lint (1.1.0)
    puppet-syntax (2.0.0)
      rake
    rainbow (2.0.0)
    rake (10.4.2)

PLATFORMS
  ruby

DEPENDENCIES
  puppet (~> 4.2.1)
  puppet-lint
  puppet-syntax
  rainbow
  rake

BUNDLED WITH
   1.10.5
